GEM
  remote: https://rubygems.org/
  specs:
    fakeweb (1.3.0)
    mime-types (1.19)
    multimap (1.1.2)
    nokogiri (1.5.5)
    rest-client (1.6.7)
      mime-types (>= 1.16)
    sqlite3 (1.3.6)

PLATFORMS
  ruby

DEPENDENCIES
  fakeweb
  multimap
  nokogiri
  rest-client
  sqlite3
